PATH
  remote: .
  specs:
    convenient (0.1.0)

GEM
  remote: https://rubygems.org/
  specs:
    coderay (1.1.2)
    coveralls (0.8.23)
      json (>= 1.8, < 3)
      simplecov (~> 0.16.1)
      term-ansicolor (~> 1.3)
      thor (>= 0.19.4, < 2.0)
      tins (~> 1.6)
    docile (1.3.2)
    json (2.2.0)
    method_source (0.9.2)
    minitest (5.11.3)
    pry (0.12.2)
      coderay (~> 1.1.0)
      method_source (~> 0.9.0)
    rake (10.5.0)
    simplecov (0.16.1)
      docile (~> 1.1)
      json (>= 1.8, < 3)
      simplecov-html (~> 0.10.0)
    simplecov-html (0.10.2)
    term-ansicolor (1.7.1)
      tins (~> 1.0)
    thor (0.20.3)
    tins (1.21.1)

PLATFORMS
  ruby

DEPENDENCIES
  bundler (~> 2.0)
  convenient!
  coveralls (~> 0.8.23)
  minitest (~> 5.0)
  pry (~> 0.12)
  rake (~> 10.0)
  simplecov (~> 0.16)

BUNDLED WITH
   2.0.2
